{
	"Modality": "MR",
	"MagneticFieldStrength": 3,
	"ImagingFrequency": 127.753256,
	"Manufacturer": "Philips",
	"ManufacturersModelName": "Achieva dStream",
	"InstitutionName": "UZLeuven",
	"InstitutionalDepartmentName": "Radiologie",
	"InstitutionAddress": "Herestraat 49, 3000 Leuven",
	"DeviceSerialNumber": "38366",
	"StationName": "UZLGRADPHMR08",
	"BodyPartExamined": "BRAIN",
	"PatientPosition": "HFS",
	"ProcedureStepDescription": "RAD smr neuro 120",
	"SoftwareVersions": "5.7.1\\5.7.1.2",
	"MRAcquisitionType": "2D",
	"SeriesDescription": "Functional_run1",
	"ProtocolName": "WIP Functional_run1",
	"ScanningSequence": "GR",
	"SequenceVariant": "SK",
	"ScanOptions": "FS",
	"PulseSequenceName": "FEEPI",
	"ImageType": ["ORIGINAL", "PRIMARY", "T2", "NONE"],
	"SeriesNumber": 301,
	"AcquisitionTime": "13:05:26.180000",
	"AcquisitionNumber": 3,
	"PhilipsRescaleSlope": 0.88254,
	"PhilipsRescaleIntercept": 0,
	"PhilipsScaleSlope": 0.0550934,
	"UsePhilipsFloatNotDisplayScaling": 1,
	"SliceThickness": 2.5,
	"SpacingBetweenSlices": 2.7,
	"EchoTime": 0.030001,
	"RepetitionTime": 2,
	"MTState": false,
	"FlipAngle": 90,
	"CoilString": "MULTI COIL",
	"PercentPhaseFOV": 100,
	"PercentSampling": 100,
	"EchoTrainLength": 43,
	"PhaseEncodingSteps": 109,
	"FrequencyEncodingSteps": 112,
	"PhaseEncodingStepsOutOfPlane": 1,
	"AcquisitionMatrixPE": 109,
	"ReconMatrixPE": 112,
	"ParallelReductionFactorInPlane": 2.6,
	"ParallelAcquisitionTechnique": "MBSENSE",
	"ParallelReductionFactorOutOfPlane": 2,
	"WaterFatShift": 13.772,
	"EstimatedEffectiveEchoSpacing": 0.000279151,
	"EstimatedTotalReadoutTime": 0.0309858,
	"AcquisitionDuration": 315.909,
	"PixelBandwidth": 2370.51,
	"PhaseEncodingAxis": "j",
	"SliceTiming": [
		0.0,
		0.06666665,
		0.13333329,
		0.19999994,
		0.26666659,
		0.33333323,
		0.39999988,
		0.46666652,
		0.53333317,
		0.59999982,
		0.66666646,
		0.73333311,
		0.79999976,
		0.8666664,
		0.93333305,
		0.99999969,
		1.06666634,
		1.13333299,
		1.19999963,
		1.26666628,
		1.33333293,
		1.39999957,
		1.46666622,
		1.53333287,
		1.59999951,
		1.66666616,
		1.7333328,
		1.79999945,
		1.8666661,
		1.93333274,
		0.0,
		0.06666665,
		0.13333329,
		0.19999994,
		0.26666659,
		0.33333323,
		0.39999988,
		0.46666652,
		0.53333317,
		0.59999982,
		0.66666646,
		0.73333311,
		0.79999976,
		0.8666664,
		0.93333305,
		0.99999969,
		1.06666634,
		1.13333299,
		1.19999963,
		1.26666628,
		1.33333293,
		1.39999957,
		1.46666622,
		1.53333287,
		1.59999951,
		1.66666616,
		1.7333328,
		1.79999945,
		1.8666661,
		1.93333274
	],
	"ImageOrientationPatientDICOM": [
		0.999989,
		0.00469204,
		0.000880686,
		-0.00449999,
		0.988017,
		-0.154282	],
	"InPlanePhaseEncodingDirectionDICOM": "COL",
	"BidsGuess": ["func","_acq-SKGRFEEPIp26_run-301_bold"],
	"ConversionSoftware": "dcm2niix",
	"ConversionSoftwareVersion": "v1.0.20240202"
}
