{
	"ConversionSoftware": "dicm2nii.m 20230316",
	"SeriesNumber": 801,
	"SeriesDescription": "WIP CS_3DTFE",
	"ImageType": ["ORIGINAL", "PRIMARY", "T1", "NONE"],
	"Modality": "MR",
	"AcquisitionDateTime": "20230620171452.74000",
	"RepetitionTime": 0.0097094002,
	"ParallelReductionFactorInPlane": 1.8708287,
	"ParallelAcquisitionTechnique": "CSENSE",
	"PhaseEncodingDirection": "i-",
	"EchoTime": 0.004599,
	"InversionTime": 0,
	"SliceThickness": 1,
	"FlipAngle": 8,
	"Manufacturer": "Philips Medical Systems",
	"SoftwareVersion": "5.7.1\\5.7.1.2",
	"MRAcquisitionType": "3D",
	"InstitutionName": "UZLeuven",
	"InstitutionAddress": "Herestraat 49, 3000 Leuven",
	"DeviceSerialNumber": "38366",
	"ScanningSequence": "T1TFE",
	"SequenceVariant": "GR",
	"ScanOptions": "OTHER",
	"SequenceName": "T1TFE"
}
